GEM
  remote: https://rubygems.org/
  specs:
    aws-sdk (1.15.0)
      json (~> 1.4)
      nokogiri (< 1.6.0)
      uuidtools (~> 2.1)
    json (1.8.0)
    macaddr (1.6.1)
      systemu (~> 2.5.0)
    net-dns (0.8.0)
    nokogiri (1.5.10)
    roadworker (0.3.2)
      aws-sdk (>= 1.14.1)
      net-dns (>= 0.8.0)
      term-ansicolor (>= 1.2.2)
      uuid (>= 2.3.7)
    systemu (2.5.2)
    term-ansicolor (1.2.2)
      tins (~> 0.8)
    tins (0.9.0)
    uuid (2.3.7)
      macaddr (~> 1.0)
    uuidtools (2.1.4)

PLATFORMS
  ruby

DEPENDENCIES
  roadworker
